PATH
  remote: .
  specs:
    hazel (0.0.7)
      thor (~> 0.17)

GEM
  remote: https://rubygems.org/
  specs:
    fakefs (0.4.2)
    minitest (4.6.2)
    rake (10.0.3)
    thor (0.17.0)

PLATFORMS
  ruby

DEPENDENCIES
  bundler (~> 1.3)
  fakefs (~> 0.4)
  hazel!
  minitest (~> 4.6)
  rake (~> 10.0)
