PATH
  remote: .
  specs:
    hazel (0.0.8)
      thor (~> 0.18)

GEM
  remote: https://rubygems.org/
  specs:
    fakefs (0.4.3)
    minitest (5.2.0)
    rake (10.1.1)
    thor (0.18.1)

PLATFORMS
  ruby

DEPENDENCIES
  bundler (~> 1.5.1)
  fakefs (~> 0.4)
  hazel!
  minitest (~> 5.2)
  rake (~> 10.0)
