PATH
  remote: .
  specs:
    hazel (0.0.5)
      thor (~> 0.15.4)

GEM
  remote: http://rubygems.org/
  specs:
    minitest (3.4.0)
    rake (0.9.2.2)
    thor (0.15.4)

PLATFORMS
  ruby

DEPENDENCIES
  bundler (~> 1.2)
  hazel!
  minitest (~> 3.4)
  rake (~> 0.9)
