PATH
  remote: .
  specs:
    hazel (0.0.6)
      thor (~> 0.16)

GEM
  remote: http://rubygems.org/
  specs:
    minitest (4.2.0)
    rake (0.9.2.2)
    thor (0.16.0)

PLATFORMS
  ruby

DEPENDENCIES
  bundler (~> 1.2)
  hazel!
  minitest (~> 4.2)
  rake (~> 0.9)
