GEM
  remote: http://rubygems.org/
  specs:
    activesupport (3.0.3)
    carrierwave (0.5.1)
      activesupport (~> 3.0)
    haml (3.0.24)
    rack (1.2.1)
    sinatra (1.1.0)
      rack (~> 1.1)
      tilt (~> 1.1)
    sinatra_warden (0.3.2)
      sinatra (>= 1.0.0)
      warden (~> 1.0)
    tilt (1.1)
    warden (1.0.3)
      rack (>= 1.0.0)

PLATFORMS
  ruby

DEPENDENCIES
  carrierwave (~> 0.5.1)
  haml (~> 3.0.24)
  rack (>= 1.2.1)
  sinatra (~> 1.1.0)
  sinatra_warden (~> 0.3.2)
